GEM
  remote: https://rubygems.org/
  specs:
    cinch (2.3.4)

PLATFORMS
  x86_64-linux

DEPENDENCIES
  cinch

BUNDLED WITH
   2.3.7
